GEM
  remote: http://rubygems.org/
  specs:
    albacore (0.2.7)
      rubyzip (~> 0.9)
    rubyzip (0.9.6.1)

PLATFORMS
  x86-mingw32

DEPENDENCIES
  albacore
